PATH
  remote: .
  specs:
    memetalk (0.0.2)
      meme_generator
      talker

GEM
  remote: http://rubygems.org/
  specs:
    diff-lcs (1.1.2)
    eventmachine (0.12.10)
    meme_generator (1.1)
      nokogiri (~> 1.4)
    nokogiri (1.4.4)
    rspec (2.5.0)
      rspec-core (~> 2.5.0)
      rspec-expectations (~> 2.5.0)
      rspec-mocks (~> 2.5.0)
    rspec-core (2.5.1)
    rspec-expectations (2.5.0)
      diff-lcs (~> 1.1.2)
    rspec-mocks (2.5.0)
    talker (0.0.4)
      eventmachine
      yajl-ruby
    yajl-ruby (0.8.0)

PLATFORMS
  ruby

DEPENDENCIES
  meme_generator
  memetalk!
  rspec
  talker
